GIT
  remote: git://github.com/hannahhoward/devise_token_auth.git
  revision: ef48e6c4df451ef1f74a984b86c36d88e75b7617
  specs:
    devise_token_auth (0.1.30.beta1)
      devise (~> 3.2)
      rails (~> 4.1)

GEM
  remote: https://rubygems.org/
  specs:
    actionmailer (4.1.9)
      actionpack (= 4.1.9)
      actionview (= 4.1.9)
      mail (~> 2.5, >= 2.5.4)
    actionpack (4.1.9)
      actionview (= 4.1.9)
      activesupport (= 4.1.9)
      rack (~> 1.5.2)
      rack-test (~> 0.6.2)
    actionview (4.1.9)
      activesupport (= 4.1.9)
      builder (~> 3.1)
      erubis (~> 2.7.0)
    active_model_serializers (0.9.3)
      activemodel (>= 3.2)
    activemodel (4.1.9)
      activesupport (= 4.1.9)
      builder (~> 3.1)
    activerecord (4.1.9)
      activemodel (= 4.1.9)
      activesupport (= 4.1.9)
      arel (~> 5.0.0)
    activesupport (4.1.9)
      i18n (~> 0.6, >= 0.6.9)
      json (~> 1.7, >= 1.7.7)
      minitest (~> 5.1)
      thread_safe (~> 0.1)
      tzinfo (~> 1.1)
    addressable (2.3.7)
    annotate (2.6.8)
      activerecord (>= 3.2, <= 4.3)
      rake (~> 10.4)
    arel (5.0.1.20140414130214)
    awesome_nested_set (3.0.2)
      activerecord (>= 4.0.0, < 5)
    babosa (1.0.2)
    bcrypt (3.1.10)
    bibliotech (0.4.1)
      caliph (~> 0.3.1)
      mattock (~> 0.9.0)
      thor (~> 0.19.1)
      valise (~> 1.1.4)
    builder (3.2.2)
    byebug (4.0.2)
      columnize (= 0.9.0)
    cadre (1.0.1)
      thor (>= 0.14, < 1.0)
      tilt (> 1.0)
      valise (~> 1.1.2)
    caliph (0.3.1)
    cancancan (1.10.1)
    capybara (2.4.4)
      mime-types (>= 1.16)
      nokogiri (>= 1.3.3)
      rack (>= 1.0.0)
      rack-test (>= 0.5.4)
      xpath (~> 2.0)
    capybara-email (2.4.0)
      capybara (~> 2.4)
      mail
    carrierwave (0.10.0)
      activemodel (>= 3.2.0)
      activesupport (>= 3.2.0)
      json (>= 1.7)
      mime-types (>= 1.16)
    celluloid (0.16.0)
      timers (~> 4.0.0)
    childprocess (0.5.5)
      ffi (~> 1.0, >= 1.0.11)
    columnize (0.9.0)
    connection_pool (2.1.2)
    crass (1.0.1)
    database_cleaner (1.3.0)
    devise (3.4.1)
      bcrypt (~> 3.0)
      orm_adapter (~> 0.1)
      railties (>= 3.2.6, < 5)
      responders
      thread_safe (~> 0.1)
      warden (~> 1.2.3)
    diff-lcs (1.2.5)
    docile (1.1.5)
    erubis (2.7.0)
    ethon (0.7.3)
      ffi (>= 1.3.0)
    factory_girl (4.5.0)
      activesupport (>= 3.0.0)
    factory_girl_rails (4.5.0)
      factory_girl (~> 4.5.0)
      railties (>= 3.0.0)
    faker (1.4.3)
      i18n (~> 0.5)
    ffi (1.9.8)
    git-utils (0.6.5)
    hash_validator (0.3.0)
    hike (1.2.3)
    hitimes (1.2.2)
    i18n (0.7.0)
    json (1.8.2)
    json_spec (1.1.4)
      multi_json (~> 1.0)
      rspec (>= 2.0, < 4.0)
    mail (2.6.3)
      mime-types (>= 1.16, < 3)
    mattock (0.9.0)
      caliph (~> 0.3.1)
      rake (~> 10.0)
      tilt (> 0)
      valise (~> 1.1.1)
    mime-types (2.4.3)
    mini_portile (0.6.2)
    minitest (5.5.1)
    multi_json (1.11.0)
    nokogiri (1.6.6.2)
      mini_portile (~> 0.6.0)
    nokogumbo (1.2.0)
      nokogiri
    orm_adapter (0.5.0)
    pg (0.18.1)
    pivotal-github (1.2.2)
      git-utils
      nokogiri
    populator (1.0.0)
    rack (1.5.2)
    rack-cors (0.3.1)
    rack-protection (1.5.3)
      rack
    rack-test (0.6.3)
      rack (>= 1.0)
    rails (4.1.9)
      actionmailer (= 4.1.9)
      actionpack (= 4.1.9)
      actionview (= 4.1.9)
      activemodel (= 4.1.9)
      activerecord (= 4.1.9)
      activesupport (= 4.1.9)
      bundler (>= 1.3.0, < 2.0)
      railties (= 4.1.9)
      sprockets-rails (~> 2.0)
    rails-observers (0.1.2)
      activemodel (~> 4.0)
    rails-rfc6570 (0.3.0)
      actionpack (>= 4, < 5)
      addressable (~> 2.3)
    railties (4.1.9)
      actionpack (= 4.1.9)
      activesupport (= 4.1.9)
      rake (>= 0.8.7)
      thor (>= 0.18.1, < 2.0)
    rake (10.4.2)
    redis (3.2.1)
    redis-namespace (1.5.1)
      redis (~> 3.0, >= 3.0.4)
    responders (1.1.2)
      railties (>= 3.2, < 4.2)
    rmagick (2.13.4)
    rspec (3.0.0)
      rspec-core (~> 3.0.0)
      rspec-expectations (~> 3.0.0)
      rspec-mocks (~> 3.0.0)
    rspec-activemodel-mocks (1.0.1)
      activemodel (>= 3.0)
      activesupport (>= 3.0)
      rspec-mocks (>= 2.99, < 4.0)
    rspec-core (3.0.4)
      rspec-support (~> 3.0.0)
    rspec-expectations (3.0.4)
      diff-lcs (>= 1.2.0, < 2.0)
      rspec-support (~> 3.0.0)
    rspec-mocks (3.0.4)
      rspec-support (~> 3.0.0)
    rspec-rails (3.0.2)
      actionpack (>= 3.0)
      activesupport (>= 3.0)
      railties (>= 3.0)
      rspec-core (~> 3.0.0)
      rspec-expectations (~> 3.0.0)
      rspec-mocks (~> 3.0.0)
      rspec-support (~> 3.0.0)
    rspec-steps (1.0.7)
      rspec (>= 3.0, < 3.99)
    rspec-support (3.0.4)
    rubyzip (1.1.7)
    sanitize (3.1.2)
      crass (~> 1.0.1)
      nokogiri (>= 1.4.4)
      nokogumbo (= 1.2.0)
    selenium-webdriver (2.45.0)
      childprocess (~> 0.5)
      multi_json (~> 1.0)
      rubyzip (~> 1.0)
      websocket (~> 1.0)
    sidekiq (3.3.2)
      celluloid (>= 0.16.0)
      connection_pool (>= 2.1.1)
      json
      redis (>= 3.0.6)
      redis-namespace (>= 1.3.1)
    simplecov (0.9.2)
      docile (~> 1.1.0)
      multi_json (~> 1.0)
      simplecov-html (~> 0.9.0)
    simplecov-html (0.9.0)
    sinatra (1.4.5)
      rack (~> 1.4)
      rack-protection (~> 1.4)
      tilt (~> 1.3, >= 1.3.4)
    sprockets (2.12.3)
      hike (~> 1.2)
      multi_json (~> 1.0)
      rack (~> 1.0)
      tilt (~> 1.1, != 1.3.0)
    sprockets-rails (2.2.4)
      actionpack (>= 3.0)
      activesupport (>= 3.0)
      sprockets (>= 2.8, < 4.0)
    text-table (1.2.4)
    thor (0.19.1)
    thread_safe (0.3.5)
    tilt (1.4.1)
    timers (4.0.1)
      hitimes
    typhoeus (0.7.1)
      ethon (>= 0.7.1)
    tzinfo (1.2.2)
      thread_safe (~> 0.1)
    valise (1.1.4)
    warden (1.2.3)
      rack (>= 1.0)
    waterpig (0.6.1)
      capybara (~> 2.2)
      database_cleaner (~> 1.3.0)
      rspec-steps (> 0)
      text-table (~> 1.2.3)
    websocket (1.2.1)
    xpath (2.0.0)
      nokogiri (~> 1.3)

PLATFORMS
  ruby

DEPENDENCIES
  active_model_serializers
  annotate
  awesome_nested_set
  babosa
  bibliotech
  byebug
  cadre
  cancancan
  capybara
  capybara-email
  carrierwave
  database_cleaner
  devise
  devise_token_auth!
  factory_girl_rails
  faker
  hash_validator
  json_spec
  pg
  pivotal-github
  populator
  rack-cors
  rails (~> 4.1.9)
  rails-observers
  rails-rfc6570 (~> 0.1)
  rmagick
  rspec (~> 3.0.0)
  rspec-activemodel-mocks
  rspec-rails
  rspec-steps
  sanitize
  selenium-webdriver
  sidekiq
  simplecov
  sinatra (>= 1.3.0)
  typhoeus
  waterpig (>= 0.6.1)
